NUGET
  remote: http://api.nuget.org/v3/index.json
    NuGet.CommandLine (3.4.3)
    NUnit (3.4.1) - framework: >= net40
    NUnit.ConsoleRunner (3.4.1) - framework: >= net40
    NUnit.Extension.NUnitProjectLoader (3.4.1) - framework: >= net40
    NUnit.Extension.NUnitV2Driver (3.4.1) - framework: >= net40
    NUnit.Extension.NUnitV2ResultWriter (3.4.1) - framework: >= net40
    NUnit.Extension.TeamCityEventListener (1.0.1) - framework: >= net40
    NUnit.Extension.VSProjectLoader (3.4.1) - framework: >= net40
    NUnit.Runners (3.4.1) - framework: >= net40
      NUnit.ConsoleRunner (>= 3.4.1)
      NUnit.Extension.NUnitProjectLoader (>= 3.4.1)
      NUnit.Extension.NUnitV2Driver (>= 3.4.1)
      NUnit.Extension.NUnitV2ResultWriter (>= 3.4.1)
      NUnit.Extension.TeamCityEventListener (>= 1.0.1)
      NUnit.Extension.VSProjectLoader (>= 3.4.1)
